GEM
  remote: https://rubygems.org/
  specs:
    activesupport (5.2.0)
      concurrent-ruby (~> 1.0, >= 1.0.2)
      i18n (>= 0.7, < 2)
      minitest (~> 5.1)
      tzinfo (~> 1.1)
    addressable (2.5.2)
      public_suffix (>= 2.0.2, < 4.0)
    concurrent-ruby (1.0.5)
    dotenv (2.4.0)
    faraday (0.14.0)
      multipart-post (>= 1.2, < 3)
    graphql (1.8.0)
    graphql-client (0.12.3)
      activesupport (>= 3.0, < 6.0)
      graphql (~> 1.6)
    i18n (1.0.1)
      concurrent-ruby (~> 1.0)
    minitest (5.11.3)
    multipart-post (2.0.0)
    mustermann (1.0.2)
    octokit (4.8.0)
      sawyer (~> 0.8.0, >= 0.5.3)
    public_suffix (3.0.2)
    rack (2.0.5)
    rack-protection (2.0.1)
      rack
    rack-ssl-enforcer (0.2.9)
    sawyer (0.8.1)
      addressable (>= 2.3.5, < 2.6)
      faraday (~> 0.8, < 1.0)
    sinatra (2.0.1)
      mustermann (~> 1.0)
      rack (~> 2.0)
      rack-protection (= 2.0.1)
      tilt (~> 2.0)
    thread_safe (0.3.6)
    tilt (2.0.8)
    tzinfo (1.2.5)
      thread_safe (~> 0.1)

PLATFORMS
  ruby

DEPENDENCIES
  dotenv
  graphql-client
  octokit
  rack-ssl-enforcer
  sinatra

RUBY VERSION
   ruby 2.5.1p57

BUNDLED WITH
   1.16.1
